PATH
  remote: .
  specs:
    hocon (0.9.3)

GEM
  remote: https://rubygems.org/
  specs:
    diff-lcs (1.2.5)
    rspec (2.99.0)
      rspec-core (~> 2.99.0)
      rspec-expectations (~> 2.99.0)
      rspec-mocks (~> 2.99.0)
    rspec-core (2.99.2)
    rspec-expectations (2.99.2)
      diff-lcs (>= 1.1.3, < 2.0)
    rspec-mocks (2.99.2)

PLATFORMS
  java
  ruby

DEPENDENCIES
  bundler (~> 1.5)
  hocon!
  rspec (~> 2.14)
